PATH
  remote: .
  specs:
    invoice_printer (2.0.0.beta3)
      json (~> 2.1)
      prawn (~> 2.2)
      prawn-table (~> 0.2.2)
    invoice_printer_server (2.0.0.beta3)
      invoice_printer (= 2.0.0.beta3)
      json (~> 2.1)
      puma (>= 3.9.0)
      roda (~> 3.5)

GEM
  remote: https://rubygems.org/
  specs:
    Ascii85 (1.0.3)
    afm (0.2.2)
    benchmark_driver (0.14.11)
    benchmark_driver-output-gruff (0.3.1)
      benchmark_driver (>= 0.12.0)
      gruff
    gruff (0.7.0)
      rmagick (~> 2.13, >= 2.13.4)
    hashery (2.1.2)
    json (2.2.0)
    minitest (5.11.3)
    nio4r (2.5.2)
    pdf-core (0.7.0)
    pdf-inspector (1.3.0)
      pdf-reader (>= 1.0, < 3.0.a)
    pdf-reader (2.2.1)
      Ascii85 (~> 1.0.0)
      afm (~> 0.2.1)
      hashery (~> 2.0)
      ruby-rc4
      ttfunk
    prawn (2.2.2)
      pdf-core (~> 0.7.0)
      ttfunk (~> 1.5)
    prawn-table (0.2.2)
      prawn (>= 1.3.0, < 3.0.0)
    puma (4.3.1)
      nio4r (~> 2.0)
    rack (2.0.8)
    rack-test (1.1.0)
      rack (>= 1.0, < 3)
    rake (12.3.3)
    rmagick (2.16.0)
    roda (3.23.0)
      rack
    ruby-rc4 (0.1.5)
    ttfunk (1.5.1)

PLATFORMS
  ruby

DEPENDENCIES
  benchmark_driver (= 0.14.11)
  benchmark_driver-output-gruff
  bundler (>= 1.7)
  invoice_printer_server!
  minitest
  pdf-inspector
  rack-test
  rake (>= 10.0)

BUNDLED WITH
   1.17.2
